PATH
  remote: .
  specs:
    soundcloud9000 (0.1.3)
      audite (~> 0.4)
      curses (~> 1.0)
      json (~> 1.8)

GEM
  remote: https://rubygems.org/
  specs:
    audite (0.4.0)
    curses (1.4.0)
    json (1.8.6)
    mocha (1.11.2)
    rake (13.0.1)

PLATFORMS
  ruby

DEPENDENCIES
  bundler (~> 2.1)
  mocha (~> 1.1)
  rake (~> 13.0)
  soundcloud9000!

BUNDLED WITH
   2.1.4
